GEM
  remote: https://rubygems.org/
  specs:
    mini_magick (5.0.0)
    mini_portile2 (2.8.7)
    nokogiri (1.16.6)
      mini_portile2 (~> 2.8.2)
      racc (~> 1.4)
    nokogiri (1.16.6-arm64-darwin)
      racc (~> 1.4)
    racc (1.8.0)
    thor (1.3.1)

PLATFORMS
  arm64-darwin-23
  ruby

DEPENDENCIES
  mini_magick
  nokogiri
  thor

RUBY VERSION
   ruby 3.3.3p89

BUNDLED WITH
   2.5.9
